GIT
  remote: git://github.com/ziggythehamster/macrodeck-platform.git
  revision: 5cb3a4c645790bba9741def6400cab54adf2165b
  specs:
    macrodeck-platform (1.0.0)
      couchrest (~> 1.0.1)
      couchrest_extended_document (~> 1.0.0)
      jnunemaker-validatable (~> 1.8.4)
      uuidtools
      validatable-validates_list_items_in_list

GIT
  remote: git://github.com/ziggythehamster/validatable-validates_list_items_in_list.git
  revision: 054614fb3bb0a24f0a210298619d460123ce59e0
  specs:
    validatable-validates_list_items_in_list (0.0.1)
      jnunemaker-validatable (~> 1.8.4)

GEM
  remote: http://rubygems.org/
  remote: http://gems.github.com/
  specs:
    activesupport (3.2.9)
      i18n (~> 0.6)
      multi_json (~> 1.0)
    builder (3.1.4)
    couchrest (1.0.2)
      json (~> 1.5.1)
      mime-types (~> 1.15)
      rest-client (~> 1.6.1)
    couchrest_extended_document (1.0.0)
      activesupport (>= 2.3.0)
      builder (>= 2.1.2)
      couchrest (>= 1.0.0)
      mime-types (>= 1.15)
    i18n (0.6.1)
    jnunemaker-validatable (1.8.4)
      activesupport (>= 2.3.4)
    json (1.5.4)
    mime-types (1.19)
    multi_json (1.5.0)
    nokogiri (1.5.5)
    rack (1.4.1)
    rack-protection (1.3.2)
      rack
    rest-client (1.6.7)
      mime-types (>= 1.16)
    shotgun (0.9)
      rack (>= 1.0)
    sinatra (1.3.3)
      rack (>= 1.3.6, ~> 1.3)
      rack-protection (~> 1.2)
      tilt (>= 1.3.3, ~> 1.3)
    tilt (1.3.3)
    uuidtools (2.1.3)

PLATFORMS
  ruby

DEPENDENCIES
  macrodeck-platform!
  nokogiri
  shotgun
  sinatra
  validatable-validates_list_items_in_list!
